NUGET
  remote: https://nuget.org/api/v2
  specs:
    EventStore.Client (3.0.1)
    EventStore.Client.Embedded (3.0.1)
      EventStore.Client (>= 3.0.1)
