NUGET
  remote: https://nuget.org/api/v2
  specs:
    Aether (6.0)
    Chessie (0.1.1)
      FSharp.Core
    Chiron (1.0.1)
      Aether (>= 6.0.0)
      FParsec (>= 1.0.1)
      FSharp.Core (>= 3.1.2.1)
    EventStore.Client (3.0.2)
    FParsec (1.0.1)
    FsCheck (1.0.4)
    FSharp.Core (3.1.2.1)
    FsPickler (1.0.15)
    NUnit (2.6.4)
    Suave (0.26.1)
      FSharp.Core (>= 3.1.2.1)
      FsPickler (>= 1.0.7)
