NUGET
  remote: https://nuget.org/api/v2
  specs:
    Aether (6.0)
    Chessie (0.0.19)
      FSharp.Core
    Chiron (0.1.9-alpha)
      Aether (>= 6.0.0)
      FParsec (>= 1.0.1)
      FSharp.Core (>= 3.1.2.1)
    FParsec (1.0.1)
    FsCheck (1.0.4)
    FSharp.Core (3.1.2.1)
    NUnit (2.6.4)
